GEM
  remote: http://rubygems.org/
  specs:
    archive-tar-minitar (0.5.2)
    awesome_print (0.3.1)
    classifier (1.3.3)
      fast-stemmer (>= 1.0.0)
    columnize (0.3.2)
    diff-lcs (1.1.2)
    directory_watcher (1.3.2)
    fast-stemmer (1.0.0)
    ffi (1.0.4)
      rake (>= 0.8.7)
    growl (1.0.3)
    irb_hacks (0.2.0)
    jekyll (0.10.0)
      classifier (>= 1.3.1)
      directory_watcher (>= 1.1.1)
      liquid (>= 1.9.0)
      maruku (>= 0.5.9)
    linecache19 (0.5.11)
      ruby_core_source (>= 0.1.4)
    liquid (2.2.2)
    maruku (0.6.0)
      syntax (>= 1.0.0)
    ori (0.1.0)
    rake (0.8.7)
    rspec (2.4.0)
      rspec-core (~> 2.4.0)
      rspec-expectations (~> 2.4.0)
      rspec-mocks (~> 2.4.0)
    rspec-core (2.4.0)
    rspec-expectations (2.4.0)
      diff-lcs (~> 1.1.2)
    rspec-mocks (2.4.0)
    ruby-debug-base19 (0.11.24)
      columnize (>= 0.3.1)
      linecache19 (>= 0.5.11)
      ruby_core_source (>= 0.1.4)
    ruby-debug19 (0.11.6)
      columnize (>= 0.3.1)
      linecache19 (>= 0.5.11)
      ruby-debug-base19 (>= 0.11.19)
    ruby_core_source (0.1.4)
      archive-tar-minitar (>= 0.5.2)
    syntax (1.0.0)
    tidy_ffi (0.1.3)
      ffi (>= 0.3.5)
    wirble (0.1.3)

PLATFORMS
  ruby

DEPENDENCIES
  awesome_print
  growl
  irb_hacks
  jekyll
  ori
  rspec
  ruby-debug19
  tidy_ffi
  wirble
